GEM
  remote: https://rubygems.org/
  specs:
    httpclient (2.3.4.1)
    multi_json (1.8.4)
    pusher (0.12.0)
      httpclient (~> 2.3.0)
      multi_json (~> 1.0)
      signature (~> 0.1.6)
    rack (1.6.13)
    rack-protection (1.5.2)
      rack
    signature (0.1.7)
    sinatra (1.4.4)
      rack (~> 1.4)
      rack-protection (~> 1.4)
      tilt (~> 1.3, >= 1.3.4)
    tilt (1.4.1)

PLATFORMS
  ruby

DEPENDENCIES
  pusher
  sinatra
